GIT
  remote: https://github.com/ekho/capistrano-git-with-submodules.git
  revision: d1a85bffe0db2c314353155c119ccf98ee224585
  specs:
    capistrano-git-with-submodules (2.0.3)
      capistrano (~> 3.7)

GEM
  remote: https://rubygems.org/
  specs:
    airbrussh (1.4.0)
      sshkit (>= 1.6.1, != 1.7.0)
    capistrano (3.11.0)
      airbrussh (>= 1.0.0)
      i18n
      rake (>= 10.0.0)
      sshkit (>= 1.9.0)
    capistrano-file-permissions (1.0.0)
      capistrano (~> 3.0)
    capistrano-service (0.0.2)
      capistrano (>= 3.0.0.pre)
    concurrent-ruby (1.1.6)
    i18n (1.8.2)
      concurrent-ruby (~> 1.0)
    net-scp (2.0.0)
      net-ssh (>= 2.6.5, < 6.0.0)
    net-ssh (5.2.0)
    rake (13.0.1)
    sshkit (1.21.0)
      net-scp (>= 1.1.2)
      net-ssh (>= 2.8.0)

PLATFORMS
  ruby

DEPENDENCIES
  capistrano (= 3.11.0)
  capistrano-file-permissions
  capistrano-git-with-submodules (~> 2.0)!
  capistrano-service

BUNDLED WITH
   2.1.4
